GEM
  remote: http://rubygems.org/
  specs:
    builder (3.2.2)
    chunky_png (1.2.9)
    compass (0.12.2)
      chunky_png (~> 1.2)
      fssm (>= 0.2.7)
      sass (~> 3.1)
    daemons (1.1.9)
    eventmachine (1.0.3)
    excon (0.31.0)
    fog (1.19.0)
      builder
      excon (~> 0.31.0)
      formatador (~> 0.2.0)
      mime-types
      multi_json (~> 1.0)
      net-scp (~> 1.1)
      net-ssh (>= 2.1.3)
      nokogiri (~> 1.5)
      ruby-hmac
    formatador (0.2.4)
    fssm (0.2.10)
    haml (4.0.5)
      tilt
    heroku-nav (0.2.2)
    metaclass (0.0.2)
    mime-types (2.0)
    mini_portile2 (2.1.0)
    minitest-spec-context (0.0.3)
    mocha (1.0.0)
      metaclass (~> 0.0.1)
    multi_json (1.11.2)
    net-scp (1.1.2)
      net-ssh (>= 2.6.5)
    net-ssh (2.7.0)
    nokogiri (1.6.8)
      mini_portile2 (~> 2.1.0)
      pkg-config (~> 1.1.7)
    pkg-config (1.1.7)
    rack (1.6.2)
    rack-protection (1.5.1)
      rack
    rack-ssl-enforcer (0.2.6)
    rack-test (0.6.2)
      rack (>= 1.0)
    rake (10.1.1)
    rdiscount (1.6.8)
    rollbar (2.7.1)
      multi_json
    ruby-hmac (0.4.0)
    sass (3.2.13)
    shotgun (0.9)
      rack (>= 1.0)
    sinatra (1.4.4)
      rack (~> 1.4)
      rack-protection (~> 1.4)
      tilt (~> 1.3, >= 1.3.4)
    thin (1.6.1)
      daemons (>= 1.0.9)
      eventmachine (>= 1.0.0)
      rack (>= 1.0.0)
    tilt (1.4.1)

PLATFORMS
  ruby

DEPENDENCIES
  compass
  fog
  haml
  heroku-nav
  minitest-spec-context
  mocha
  rack-ssl-enforcer
  rack-test
  rake
  rdiscount (~> 1.6.x)
  rollbar
  sass
  shotgun
  sinatra
  thin

BUNDLED WITH
   1.10.5
